PATH
  remote: .
  specs:
    omnistruct (1.1.0)
      classy_struct (~> 0.3, >= 0.3.2)

GEM
  remote: https://rubygems.org/
  specs:
    classy_struct (0.3.2)
    minitest (5.4.3)

PLATFORMS
  ruby

DEPENDENCIES
  minitest (~> 5.4, >= 5.4.3)
  omnistruct!
